GEM
  remote: https://rubygems.org/
  specs:
    diff-lcs (1.5.0)
    mustermann (1.1.2)
      ruby2_keywords (~> 0.0.1)
    rack (2.2.4)
    rack-protection (2.2.1)
      rack
    rspec (3.11.0)
      rspec-core (~> 3.11.0)
      rspec-expectations (~> 3.11.0)
      rspec-mocks (~> 3.11.0)
    rspec-core (3.11.0)
      rspec-support (~> 3.11.0)
    rspec-expectations (3.11.0)
      diff-lcs (>= 1.2.0, < 2.0)
      rspec-support (~> 3.11.0)
    rspec-mocks (3.11.1)
      diff-lcs (>= 1.2.0, < 2.0)
      rspec-support (~> 3.11.0)
    rspec-support (3.11.0)
    ruby2_keywords (0.0.5)
    sinatra (2.2.1)
      mustermann (~> 1.0)
      rack (~> 2.2)
      rack-protection (= 2.2.1)
      tilt (~> 2.0)
    tilt (2.0.10)
    webrick (1.7.0)

PLATFORMS
  x86_64-darwin-19

DEPENDENCIES
  rspec
  sinatra
  webrick

RUBY VERSION
   ruby 3.1.2p20

BUNDLED WITH
   2.3.7
